GEM
  remote: http://rubygems.org/
  specs:
    activesupport (4.1.2)
      i18n (~> 0.6, >= 0.6.9)
      json (~> 1.7, >= 1.7.7)
      minitest (~> 5.1)
      thread_safe (~> 0.1)
      tzinfo (~> 1.1)
    axiom-types (0.1.1)
      descendants_tracker (~> 0.0.4)
      ice_nine (~> 0.11.0)
      thread_safe (~> 0.3, >= 0.3.1)
    builder (3.2.2)
    celluloid (0.15.2)
      timers (~> 1.1.0)
    coderay (1.1.0)
    coercible (1.0.0)
      descendants_tracker (~> 0.0.1)
    daemons (1.1.9)
    descendants_tracker (0.0.4)
      thread_safe (~> 0.3, >= 0.3.1)
    diff-lcs (1.2.5)
    equalizer (0.0.9)
    eventmachine (1.0.3)
    eventmachine (1.0.3-java)
    ffi (1.9.3)
    ffi (1.9.3-java)
    formatador (0.2.5)
    grape (0.7.0)
      activesupport
      builder
      hashie (>= 1.2.0)
      multi_json (>= 1.3.2)
      multi_xml (>= 0.5.2)
      rack (>= 1.3.0)
      rack-accept
      rack-mount
      virtus (>= 1.0.0)
    grape-entity (0.4.3)
      activesupport
      multi_json (>= 1.3.2)
    grape-swagger (0.7.2)
      grape (>= 0.2.0)
      grape-entity (>= 0.3.0)
      kramdown (>= 1.3.1)
    guard (2.6.1)
      formatador (>= 0.2.4)
      listen (~> 2.7)
      lumberjack (~> 1.0)
      pry (>= 0.9.12)
      thor (>= 0.18.1)
    guard-bundler (2.0.0)
      bundler (~> 1.0)
      guard (~> 2.2)
    guard-rack (1.4.0)
      ffi
      guard
      libnotify
      rb-inotify
      spoon
    guard-rake (0.0.9)
      guard
      rake
    hashie (3.1.0)
    i18n (0.6.9)
    ice_nine (0.11.0)
    json (1.8.1)
    json (1.8.1-java)
    kramdown (1.4.0)
    libnotify (0.8.3)
      ffi (>= 1.0.11)
    listen (2.7.9)
      celluloid (>= 0.15.2)
      rb-fsevent (>= 0.9.3)
      rb-inotify (>= 0.9)
    lumberjack (1.0.9)
    method_source (0.8.2)
    minitest (5.3.5)
    multi_json (1.10.1)
    multi_xml (0.5.5)
    newrelic-grape (1.3.1)
      grape
      newrelic_rpm
    newrelic_rpm (3.8.0.218)
    pg (0.17.1)
    pry (0.9.12.6)
      coderay (~> 1.0)
      method_source (~> 0.8)
      slop (~> 3.4)
    pry (0.9.12.6-java)
      coderay (~> 1.0)
      method_source (~> 0.8)
      slop (~> 3.4)
      spoon (~> 0.0)
    puma (3.8.2)
    puma (3.8.2-java)
    rack (1.5.2)
    rack-accept (0.4.5)
      rack (>= 0.4)
    rack-cors (0.2.9)
    rack-mount (0.8.3)
      rack (>= 1.0.0)
    rack-ssl-enforcer (0.2.7)
    rack-test (0.6.2)
      rack (>= 1.0)
    rake (10.3.2)
    rb-fsevent (0.9.4)
    rb-inotify (0.9.5)
      ffi (>= 0.5.0)
    rspec (3.0.0)
      rspec-core (~> 3.0.0)
      rspec-expectations (~> 3.0.0)
      rspec-mocks (~> 3.0.0)
    rspec-core (3.0.2)
      rspec-support (~> 3.0.0)
    rspec-expectations (3.0.2)
      diff-lcs (>= 1.2.0, < 2.0)
      rspec-support (~> 3.0.0)
    rspec-mocks (3.0.2)
      rspec-support (~> 3.0.0)
    rspec-support (3.0.2)
    sequel (4.10.0)
    sequel-factory (1.0.0)
      sequel (>= 3.32)
    slop (3.5.0)
    spoon (0.0.4)
      ffi
    thin (1.6.2)
      daemons (>= 1.0.9)
      eventmachine (>= 1.0.0)
      rack (>= 1.0.0)
    thor (0.19.1)
    thread_safe (0.3.4)
    thread_safe (0.3.4-java)
    timers (1.1.0)
    tzinfo (1.2.1)
      thread_safe (~> 0.1)
    virtus (1.0.2)
      axiom-types (~> 0.1)
      coercible (~> 1.0)
      descendants_tracker (~> 0.0.3)
      equalizer (~> 0.0.9)

PLATFORMS
  java
  ruby

DEPENDENCIES
  grape (~> 0.7.0)
  grape-swagger (~> 0.7.2)
  guard (~> 2.6.1)
  guard-bundler (~> 2.0.0)
  guard-rack (~> 1.4.0)
  guard-rake (~> 0.0.9)
  json (~> 1.8.1)
  newrelic-grape (~> 1.3.1)
  newrelic_rpm (~> 3.8.0.218)
  pg (~> 0.17.1)
  pry (~> 0.9.12.2)
  puma (~> 3.8.2)
  rack (~> 1.5.2)
  rack-cors (~> 0.2.8)
  rack-ssl-enforcer (~> 0.2.5)
  rack-test (~> 0.6.2)
  rake (~> 10.3.1)
  rspec
  sequel (~> 4.10.0)
  sequel-factory (~> 1.0.0)
  thin (~> 1.6.2)

RUBY VERSION
   ruby 2.3.1p0 (jruby 9.1.8.0)

BUNDLED WITH
   1.14.6
