GEM
  remote: http://rubygems.org/
  specs:
    activesupport (4.0.0)
      i18n (~> 0.6, >= 0.6.4)
      minitest (~> 4.2)
      multi_json (~> 1.3)
      thread_safe (~> 0.1)
      tzinfo (~> 0.3.37)
    atomic (1.1.13)
    backports (3.3.3)
    builder (3.2.2)
    coderay (1.0.9)
    daemons (1.1.9)
    descendants_tracker (0.0.1)
    diff-lcs (1.2.4)
    eventmachine (1.0.3)
    ffi (1.9.0)
    grape (0.5.0)
      activesupport
      builder
      hashie (>= 1.2.0)
      multi_json (>= 1.3.2)
      multi_xml (>= 0.5.2)
      rack (>= 1.3.0)
      rack-accept
      rack-mount
      virtus
    grape-swagger (0.6.0)
      grape (>= 0.2.0)
      kramdown
    growl (1.0.3)
    guard (1.6.2)
      listen (>= 0.6.0)
      lumberjack (>= 1.0.2)
      pry (>= 0.9.10)
      terminal-table (>= 1.4.3)
      thor (>= 0.14.6)
    guard-bundler (1.0.0)
      bundler (~> 1.0)
      guard (~> 1.1)
    guard-rack (1.2.2)
      growl (~> 1.0.3)
      guard (~> 1.1)
      rb-fsevent (>= 0.3.9)
    guard-rake (0.0.9)
      guard
      rake
    hashie (2.0.5)
    i18n (0.6.5)
    json (1.7.7)
    kramdown (1.1.0)
    listen (1.3.0)
      rb-fsevent (>= 0.9.3)
      rb-inotify (>= 0.9)
      rb-kqueue (>= 0.2)
    lumberjack (1.0.4)
    method_source (0.8.2)
    minitest (4.7.5)
    multi_json (1.7.9)
    multi_xml (0.5.5)
    newrelic-grape (1.3.1)
      grape
      newrelic_rpm
    newrelic_rpm (3.6.5.130)
    pg (0.15.1)
    pry (0.9.12.2)
      coderay (~> 1.0.5)
      method_source (~> 0.8)
      slop (~> 3.4)
    rack (1.4.5)
    rack-accept (0.4.5)
      rack (>= 0.4)
    rack-cors (0.2.8)
      rack
    rack-mount (0.8.3)
      rack (>= 1.0.0)
    rack-ssl-enforcer (0.2.5)
    rack-test (0.6.2)
      rack (>= 1.0)
    rake (10.1.0)
    rb-fsevent (0.9.3)
    rb-inotify (0.9.1)
      ffi (>= 0.5.0)
    rb-kqueue (0.2.0)
      ffi (>= 0.5.0)
    rspec (2.14.1)
      rspec-core (~> 2.14.0)
      rspec-expectations (~> 2.14.0)
      rspec-mocks (~> 2.14.0)
    rspec-core (2.14.5)
    rspec-expectations (2.14.2)
      diff-lcs (>= 1.1.3, < 2.0)
    rspec-mocks (2.14.3)
    sequel (4.0.0)
    sequel-factory (1.0.0)
      sequel (>= 3.32)
    slop (3.4.6)
    terminal-table (1.4.5)
    thin (1.5.1)
      daemons (>= 1.0.9)
      eventmachine (>= 0.12.6)
      rack (>= 1.0.0)
    thor (0.18.1)
    thread_safe (0.1.2)
      atomic
    tzinfo (0.3.37)
    virtus (0.5.5)
      backports (~> 3.3)
      descendants_tracker (~> 0.0.1)

PLATFORMS
  ruby

DEPENDENCIES
  grape (~> 0.5.0)
  grape-swagger (~> 0.6.0)
  guard (~> 1.6.1)
  guard-bundler (~> 1.0.0)
  guard-rack (~> 1.2.2)
  guard-rake (~> 0.0.9)
  json (~> 1.7.7)
  newrelic-grape (~> 1.3.1)
  newrelic_rpm (~> 3.6.5.130)
  pg (~> 0.15.1)
  pry (~> 0.9.12.2)
  rack (~> 1.4.1)
  rack-cors (~> 0.2.8)
  rack-ssl-enforcer (~> 0.2.5)
  rack-test (~> 0.6.2)
  rake (~> 10.1.0)
  rspec (~> 2.14.1)
  sequel (~> 4.0.0)
  sequel-factory (~> 1.0.0)
  thin (~> 1.5.1)
